PATH
  remote: .
  specs:
    little-mrt (0.0.1)

GEM
  remote: https://rubygems.org/
  specs:
    ansi (1.4.3)
    minitest (5.0.8)
    turn (0.9.6)
      ansi

PLATFORMS
  ruby

DEPENDENCIES
  bundler (~> 1.3)
  little-mrt!
  minitest (~> 5.0.8)
  turn (~> 0.9.6)
