PATH
  remote: .
  specs:
    little-mrt (0.0.1)

GEM
  remote: https://rubygems.org/
  specs:
    minitest (5.0.8)

PLATFORMS
  ruby

DEPENDENCIES
  bundler (~> 1.3)
  little-mrt!
  minitest (~> 5.0.8)
